GEM
  remote: https://rubygems.org/
  specs:
    actionmailer (3.2.17)
      actionpack (= 3.2.17)
      mail (~> 2.5.4)
    actionpack (3.2.17)
      activemodel (= 3.2.17)
      activesupport (= 3.2.17)
      builder (~> 3.0.0)
      erubis (~> 2.7.0)
      journey (~> 1.0.4)
      rack (~> 1.4.5)
      rack-cache (~> 1.2)
      rack-test (~> 0.6.1)
      sprockets (~> 2.2.1)
    activemodel (3.2.17)
      activesupport (= 3.2.17)
      builder (~> 3.0.0)
    activerecord (3.2.17)
      activemodel (= 3.2.17)
      activesupport (= 3.2.17)
      arel (~> 3.0.2)
      tzinfo (~> 0.3.29)
    activeresource (3.2.17)
      activemodel (= 3.2.17)
      activesupport (= 3.2.17)
    activesupport (3.2.17)
      i18n (~> 0.6, >= 0.6.4)
      multi_json (~> 1.0)
    arel (3.0.3)
    builder (3.0.4)
    childprocess (0.5.6)
      ffi (~> 1.0, >= 1.0.11)
    coffee-rails (3.2.2)
      coffee-script (>= 2.2.0)
      railties (~> 3.2.0)
    coffee-script (2.4.1)
      coffee-script-source
      execjs
    coffee-script-source (1.9.1.1)
    commonwatir (4.0.0)
    erubis (2.7.0)
    execjs (2.5.2)
    ffi (1.9.8-x86-mingw32)
    headless (2.1.0)
    hike (1.2.3)
    i18n (0.7.0)
    journey (1.0.4)
    jquery-rails (3.1.2)
      railties (>= 3.0, < 5.0)
      thor (>= 0.14, < 2.0)
    json (1.8.2)
    mail (2.5.4)
      mime-types (~> 1.16)
      treetop (~> 1.4.8)
    mime-types (1.25.1)
    mini_magick (3.5.0)
      subexec (~> 0.2.1)
    mini_portile (0.6.2)
    multi_json (1.11.0)
    mysql2 (0.3.18-x86-mingw32)
    nokogiri (1.6.6.2-x86-mingw32)
      mini_portile (~> 0.6.0)
    polyglot (0.3.5)
    rack (1.4.5)
    rack-cache (1.2)
      rack (>= 0.4)
    rack-ssl (1.3.4)
      rack
    rack-test (0.6.3)
      rack (>= 1.0)
    rails (3.2.17)
      actionmailer (= 3.2.17)
      actionpack (= 3.2.17)
      activerecord (= 3.2.17)
      activeresource (= 3.2.17)
      activesupport (= 3.2.17)
      bundler (~> 1.0)
      railties (= 3.2.17)
    railties (3.2.17)
      actionpack (= 3.2.17)
      activesupport (= 3.2.17)
      rack-ssl (~> 1.3.2)
      rake (>= 0.8.7)
      rdoc (~> 3.4)
      thor (>= 0.14.6, < 2.0)
    rake (10.4.2)
    rautomation (0.17.0)
      ffi (~> 1.9.0)
    rdoc (3.12.2)
      json (~> 1.4)
    rubyzip (1.1.7)
    sass (3.4.14)
    sass-rails (3.2.6)
      railties (~> 3.2.0)
      sass (>= 3.1.10)
      tilt (~> 1.3)
    selenium-webdriver (2.45.0)
      childprocess (~> 0.5)
      multi_json (~> 1.0)
      rubyzip (~> 1.0)
      websocket (~> 1.0)
    sprockets (2.2.3)
      hike (~> 1.2)
      multi_json (~> 1.0)
      rack (~> 1.0)
      tilt (~> 1.1, != 1.3.0)
    subexec (0.2.3)
    thor (0.19.1)
    tilt (1.4.1)
    treetop (1.4.15)
      polyglot
      polyglot (>= 0.3.1)
    tzinfo (0.3.44)
    uglifier (2.7.1)
      execjs (>= 0.3.0)
      json (>= 1.8.0)
    watir (5.0.0-x86-mingw32)
      commonwatir (~> 4)
      watir-classic (~> 4.0)
      watir-webdriver
    watir-classic (4.0.1)
      ffi (~> 1.0)
      multi_json
      nokogiri (>= 1.5.7.rc3)
      rautomation (~> 0.7)
      win32-process (>= 0.5.5)
      win32screenshot (~> 1.0.9)
      windows-pr (>= 0.6.6)
    watir-nokogiri (1.0.0)
      nokogiri
    watir-webdriver (0.6.11)
      selenium-webdriver (>= 2.18.0)
    websocket (1.2.2)
    win32-api (1.5.3-universal-mingw32)
    win32-process (0.8.0)
      ffi (>= 1.0.0)
    win32screenshot (1.0.10)
      ffi (~> 1.0)
      mini_magick (~> 3.5.0)
      rautomation (~> 0.7)
    windows-api (0.4.4)
      win32-api (>= 1.4.5)
    windows-pr (1.2.4)
      win32-api (>= 1.4.5)
      windows-api (>= 0.4.0)

PLATFORMS
  x86-mingw32

DEPENDENCIES
  coffee-rails (~> 3.2.1)
  headless
  jquery-rails
  mysql2 (~> 0.3.18)
  nokogiri
  rails (= 3.2.17)
  sass-rails (~> 3.2.3)
  uglifier (>= 1.0.3)
  watir (~> 5.0.0)
  watir-nokogiri (~> 1.0.0)
  watir-webdriver (~> 0.6.10)
